GIT
  remote: git://github.com/sinatra/sinatra.git
  revision: e16bc71590d3577769551263948a96642a0c83be
  specs:
    sinatra (1.2.0.a)
      rack (~> 1.1)
      tilt (>= 1.2.2, < 2.0)

GEM
  remote: http://rubygems.org/
  specs:
    awesome_print (0.3.2)
    builder (3.0.0)
    capybara (0.4.1.2)
      celerity (>= 0.7.9)
      culerity (>= 0.2.4)
      mime-types (>= 1.16)
      nokogiri (>= 1.3.3)
      rack (>= 1.0.0)
      rack-test (>= 0.5.4)
      selenium-webdriver (>= 0.0.27)
      xpath (~> 0.1.3)
    celerity (0.8.8)
    childprocess (0.1.7)
      ffi (~> 0.6.3)
    culerity (0.2.15)
    diff-lcs (1.1.2)
    ffi (0.6.3)
      rake (>= 0.8.7)
    flog (2.5.0)
      ruby_parser (~> 2.0)
      sexp_processor (~> 3.0)
    haml (3.0.25)
    happymapper (0.3.2)
      libxml-ruby (~> 1.1.3)
    json (1.5.1)
    json_pure (1.5.1)
    libxml-ruby (1.1.4)
    mime-types (1.16)
    nokogiri (1.4.3.1)
    pivotal-tracker (0.3.1)
      builder
      happymapper (>= 0.3.2)
      nokogiri (~> 1.4.3.1)
      rest-client (~> 1.6.0)
    rack (1.2.1)
    rack-test (0.5.7)
      rack (>= 1.0)
    rake (0.8.7)
    rerun (0.5.4)
    rest-client (1.6.1)
      mime-types (>= 1.16)
    rspec (2.5.0)
      rspec-core (~> 2.5.0)
      rspec-expectations (~> 2.5.0)
      rspec-mocks (~> 2.5.0)
    rspec-core (2.5.1)
    rspec-expectations (2.5.0)
      diff-lcs (~> 1.1.2)
    rspec-mocks (2.5.0)
    ruby_parser (2.0.5)
      sexp_processor (~> 3.0)
    rubyzip (0.9.4)
    selenium-webdriver (0.1.3)
      childprocess (~> 0.1.5)
      ffi (~> 0.6.3)
      json_pure
      rubyzip
    sexp_processor (3.0.5)
    tilt (1.2.2)
    xpath (0.1.3)
      nokogiri (~> 1.3)

PLATFORMS
  ruby

DEPENDENCIES
  awesome_print
  capybara
  flog
  haml
  json
  pivotal-tracker
  rack (~> 1.1)
  rerun
  rspec
  sinatra!
